RESTRICTION: == net451
NUGET
  remote: http://www.nuget.org/api/v2
    FAKE (4.64.4)
    FSharp.Compiler.Service (2.0.0.6)
    FSharp.Core (4.3.4) - redirects: force
    FSharp.Formatting (2.14.4)
      FSharp.Compiler.Service (2.0.0.6)
      FSharpVSPowerTools.Core (>= 2.3 < 2.4)
    FSharpVSPowerTools.Core (2.3)
      FSharp.Compiler.Service (>= 2.0.0.3)
    Microsoft.WindowsAzure.ConfigurationManager (2.0.3)
    Newtonsoft.Json (10.0.3)
    NUnit (3.9)
    NUnit.Console (3.8)
      NUnit.ConsoleRunner (>= 3.8)
      NUnit.Extension.NUnitProjectLoader (>= 3.5)
      NUnit.Extension.NUnitV2Driver (>= 3.6)
      NUnit.Extension.NUnitV2ResultWriter (>= 3.5)
      NUnit.Extension.TeamCityEventListener (>= 1.0.3)
      NUnit.Extension.VSProjectLoader (>= 3.7)
    NUnit.ConsoleRunner (3.8)
    NUnit.Extension.NUnitProjectLoader (3.6)
    NUnit.Extension.NUnitV2Driver (3.7)
    NUnit.Extension.NUnitV2ResultWriter (3.6)
    NUnit.Extension.TeamCityEventListener (1.0.3)
    NUnit.Extension.VSProjectLoader (3.7)
    SourceLink.Fake (1.1)
    Unquote (2.2.2)
    WindowsAzure.ServiceBus (2.5.2)
      Microsoft.WindowsAzure.ConfigurationManager
