NUGET
  remote: http://nuget.org/api/v2
  specs:
    FAKE (4.64.4)
    FSharp.Compiler.Service (0.0.67)
    FSharp.Formatting (2.4.36)
      FSharp.Compiler.Service (0.0.67)
      Microsoft.AspNet.Razor (2.0.30506.0)
      RazorEngine (3.3.0)
    Microsoft.AspNet.Razor (2.0.30506.0)
    Microsoft.WindowsAzure.ConfigurationManager (2.0.3)
    Newtonsoft.Json (6.0.6)
    NUnit (2.6.3)
    NUnit.Runners (2.6.3)
    RazorEngine (3.3.0)
      Microsoft.AspNet.Razor (>= 2.0.30506.0)
    SourceLink.Fake (0.4.2)
    Unquote (2.2.2)
    WindowsAzure.ServiceBus (2.5.2)
      Microsoft.WindowsAzure.ConfigurationManager (>= 0)
